PATH
  remote: .
  specs:
    ji2p (0.0.4-universal-java-11)
      activerecord (>= 3.0.18)
      activerecord-jdbc-adapter (~> 0)
      activerecord-jdbcsqlite3-adapter (~> 0)
      activesupport (>= 4.1.11)
      bundler (~> 2.0)
      dbd-jdbc (~> 0)
      dbi (~> 0)
      httparty (>= 0.10.0)
      jar-dependencies (~> 0)
      jruby-rack (~> 0)
      puma (~> 4.3)
      rack (~> 2.0)
      rake (~> 0)
      sinatra (~> 2.0.7)
      warbler (~> 0)

GEM
  remote: https://rubygems.org/
  specs:
    activemodel (6.0.1)
      activesupport (= 6.0.1)
    activerecord (6.0.1)
      activemodel (= 6.0.1)
      activesupport (= 6.0.1)
    activerecord-jdbc-adapter (0.9.7-java)
    activerecord-jdbcsqlite3-adapter (0.9.7-java)
      activerecord-jdbc-adapter (= 0.9.7)
      jdbc-sqlite3 (>= 3.6.3.054)
    activesupport (6.0.1)
      concurrent-ruby (~> 1.0, >= 1.0.2)
      i18n (>= 0.7, < 2)
      minitest (~> 5.1)
      tzinfo (~> 1.1)
      zeitwerk (~> 2.2)
    awesome_print (0.4.0)
    backports (3.15.0)
    better_errors (2.5.1)
      coderay (>= 1.0.0)
      erubi (>= 1.0.0)
      rack (>= 0.9.0)
    binding.repl (3.0.0)
    binding_of_caller (0.8.0)
      debug_inspector (>= 0.0.1)
    cd (1.0.1)
    clipboard (1.3.3)
    code (0.9.2)
      coderay (~> 1.1)
      method_source (~> 0.9)
    coderay (1.1.2)
    concurrent-ruby (1.1.5)
    concurrent-ruby-edge (0.5.0)
      concurrent-ruby (~> 1.1.5)
    dbd-jdbc (0.1.6-java)
    dbi (0.4.5)
      deprecated (= 2.0.1)
    debug_inspector (0.0.3)
    debugging (1.1.1)
      binding.repl (~> 3.0)
      paint (>= 0.9, < 3.0)
    deprecated (2.0.1)
    erubi (1.9.0)
    every_day_irb (2.1.0)
      cd (~> 1.0)
    fancy_irb (1.2.0)
      paint (>= 0.9, < 3.0)
      unicode-display_width (~> 1.1)
    ffi (1.11.2-java)
    hirb (0.7.3)
    httparty (0.17.1)
      mime-types (~> 3.0)
      multi_xml (>= 0.5.2)
    i18n (1.7.0)
      concurrent-ruby (~> 1.0)
    interactive_editor (0.0.11)
      spoon (>= 0.0.1)
    irb (1.0.0)
    irbtools (3.0.0)
      binding.repl (~> 3.0)
      clipboard (~> 1.3)
      code (>= 0.9.2, < 2.0)
      coderay (~> 1.1)
      debugging (~> 1.1)
      every_day_irb (~> 2.0)
      fancy_irb (~> 1.1)
      hirb (~> 0.7, >= 0.7.3)
      interactive_editor (~> 0.0, >= 0.0.10)
      irb (>= 0.9.6)
      methodfinder (~> 2.2)
      object_shadow (~> 1.1)
      ori (~> 0.1.0)
      os
      paint (>= 0.9, < 3.0)
      ruby_engine (~> 1.0)
      ruby_info (~> 1.0)
      ruby_version (~> 1.0)
      wirb (~> 2.0)
    jar-dependencies (0.4.0)
    jdbc-sqlite3 (3.28.0)
    jruby-jars (9.2.9.0)
    jruby-rack (0.9.9)
    method_source (0.9.2)
    methodfinder (2.2.1)
    mime-types (3.3)
      mime-types-data (~> 3.2015)
    mime-types-data (3.2019.1009)
    minitest (5.13.0)
    multi_json (1.14.1)
    multi_xml (0.6.0)
    mustermann (1.0.3)
    nio4r (2.5.2-java)
    object_shadow (1.1.0)
    ori (0.1.0)
    os (1.0.1)
    paint (2.1.1)
    pry (0.12.2-java)
      coderay (~> 1.1.0)
      method_source (~> 0.9.0)
      spoon (~> 0.0)
    puma (4.3.0-java)
      nio4r (~> 2.0)
    rack (2.0.7)
    rack-protection (2.0.7)
      rack
    rake (0.9.6)
    rspec (0.9.4)
    ruby-maven (3.3.12)
      ruby-maven-libs (~> 3.3.9)
    ruby-maven-libs (3.3.9)
    ruby_engine (1.0.1)
    ruby_info (1.0.1)
    ruby_version (1.0.1)
    sinatra (2.0.7)
      mustermann (~> 1.0)
      rack (~> 2.0)
      rack-protection (= 2.0.7)
      tilt (~> 2.0)
    sinatra-contrib (2.0.7)
      backports (>= 2.8.2)
      multi_json
      mustermann (~> 1.0)
      rack-protection (= 2.0.7)
      sinatra (= 2.0.7)
      tilt (~> 2.0)
    spoon (0.0.6)
      ffi
    thread_safe (0.3.6-java)
    tilt (2.0.10)
    tzinfo (1.2.5)
      thread_safe (~> 0.1)
    unicode-display_width (1.6.0)
    warbler (0.9.14)
      jruby-jars (>= 1.3.1)
      rake (>= 0.7.3)
    wirb (2.1.2)
      paint (>= 0.9, < 3.0)
    zeitwerk (2.2.1)

PLATFORMS
  java

DEPENDENCIES
  awesome_print (~> 0)
  better_errors
  binding_of_caller
  concurrent-ruby
  concurrent-ruby-edge
  irbtools (~> 3.0)
  ji2p!
  pry (~> 0)
  rspec (~> 0)
  ruby-maven (~> 3.3)
  sinatra
  sinatra-contrib

RUBY VERSION
   ruby 2.5.7p0 (jruby 9.2.9.0)

BUNDLED WITH
   2.0.2
